PATH
  remote: .
  specs:
    ethicalswitch (0.0.1)
      bundler (~> 1.5)
      json (~> 1.8.1)
      pg (~> 0.17.1)
      rake (~> 10.3.2)
      sequel (~> 4.10.0)
      sinatra (~> 1.3)
      sinatra-cross_origin (~> 0.3.1)

GEM
  remote: https://rubygems.org/
  specs:
    daemons (1.1.9)
    diff-lcs (1.2.5)
    dotenv (0.7.0)
    eventmachine (1.0.3)
    foreman (0.67.0)
      dotenv (~> 0.7.0)
      thor (~> 0.17.0)
    json (1.8.1)
    pg (0.17.1)
    rack (1.5.2)
    rack-protection (1.5.3)
      rack
    rake (10.3.2)
    rspec (2.14.1)
      rspec-core (~> 2.14.0)
      rspec-expectations (~> 2.14.0)
      rspec-mocks (~> 2.14.0)
    rspec-core (2.14.8)
    rspec-expectations (2.14.5)
      diff-lcs (>= 1.1.3, < 2.0)
    rspec-mocks (2.14.6)
    sass (3.3.8)
    sequel (4.10.0)
    shotgun (0.9)
      rack (>= 1.0)
    sinatra (1.4.5)
      rack (~> 1.4)
      rack-protection (~> 1.4)
      tilt (~> 1.3, >= 1.3.4)
    sinatra-cross_origin (0.3.2)
    thin (1.6.2)
      daemons (>= 1.0.9)
      eventmachine (>= 1.0.0)
      rack (>= 1.0.0)
    thor (0.17.0)
    tilt (1.4.1)

PLATFORMS
  ruby

DEPENDENCIES
  ethicalswitch!
  foreman (~> 0.67.0)
  rspec
  sass (~> 3.3.7)
  shotgun (~> 0.9)
  thin (~> 1.2)
